GEM
  remote: https://rubygems.org/
  specs:
    chunky_png (1.3.11)
    kgio (2.11.2)
    logger (1.3.0)
    multi_json (1.15.0)
    mustermann (3.0.0)
      ruby2_keywords (~> 0.0.1)
    rack (2.2.4)
    rack-protection (3.0.4)
      rack
    raindrops (0.19.0)
    rqrcode (0.10.1)
      chunky_png (~> 1.0)
    rqrcode_png (0.1.5)
      chunky_png
      rqrcode
    ruby2_keywords (0.0.5)
    sinatra (3.0.4)
      mustermann (~> 3.0)
      rack (~> 2.2, >= 2.2.4)
      rack-protection (= 3.0.4)
      tilt (~> 2.0)
    sinatra-contrib (3.0.4)
      multi_json
      mustermann (~> 3.0)
      rack-protection (= 3.0.4)
      sinatra (= 3.0.4)
      tilt (~> 2.0)
    slim (4.0.1)
      temple (>= 0.7.6, < 0.9)
      tilt (>= 2.0.6, < 2.1)
    temple (0.8.0)
    tilt (2.0.11)
    unicorn (5.4.1)
      kgio (~> 2.6)
      raindrops (~> 0.7)

PLATFORMS
  ruby

DEPENDENCIES
  logger
  rqrcode
  rqrcode_png
  sinatra
  sinatra-contrib
  slim
  unicorn

BUNDLED WITH
   1.17.2
